PATH
  remote: .
  specs:
    candlepin-api (0.4.0)

GEM
  remote: https://rubygems.org/
  specs:
    blockenspiel (0.4.5)
    builder (3.0.0)
    colored (1.2)
    columnize (0.3.6)
    cri (2.4.0)
      colored (>= 1.2)
    cucumber (1.2.1)
      builder (>= 2.1.2)
      diff-lcs (>= 1.1.3)
      gherkin (~> 2.11.0)
      json (>= 1.4.6)
    debugger (1.6.1)
      columnize (>= 0.3.1)
      debugger-linecache (~> 1.2.0)
      debugger-ruby_core_source (~> 1.2.3)
    debugger-linecache (1.2.0)
    debugger-ruby_core_source (1.2.3)
    diff-lcs (1.1.3)
    gherkin (2.11.1)
      json (>= 1.4.6)
    json (1.7.3)
    linecache (0.46)
      rbx-require-relative (> 0.0.4)
    mime-types (1.23)
    multi_json (1.7.8)
    rack (1.3.5)
    rake (0.9.2.2)
    rbx-require-relative (0.0.9)
    rdoc (4.0.1)
      json (~> 1.4)
    redcarpet (2.3.0)
    rest-client (1.6.7)
      mime-types (>= 1.16)
    ruby-debug (0.10.4)
      columnize (>= 0.1)
      ruby-debug-base (~> 0.10.4.0)
    ruby-debug-base (0.10.4)
      linecache (>= 0.3)
    simplecov (0.7.1)
      multi_json (~> 1.0)
      simplecov-html (~> 0.7.1)
    simplecov-html (0.7.1)
    test-unit (2.5.0)
    versionomy (0.4.4)
      blockenspiel (>= 0.4.5)
    yard (0.8.7)

PLATFORMS
  ruby

DEPENDENCIES
  bundler (>= 1.0.0)
  candlepin-api!
  cri (> 2.3.0)
  cucumber
  debugger
  json
  rack
  rake
  rdoc
  redcarpet (< 3.0.0)
  rest-client
  ruby-debug
  simplecov
  test-unit
  versionomy
  yard (~> 0.8.6)
